GEM
  remote: https://rubygems.org/
  specs:
    faraday (2.5.2)
      faraday-net_http (>= 2.0, < 3.1)
      ruby2_keywords (>= 0.0.4)
    faraday-net_http (3.0.0)
    interactor (3.1.2)
    oj (3.13.21)
    ruby2_keywords (0.0.5)

PLATFORMS
  ruby

DEPENDENCIES
  faraday
  interactor (~> 3.0)
  oj

RUBY VERSION
   ruby 2.7.1p83

BUNDLED WITH
   2.1.4
